GIT
  remote: http://github.com/koyachi/ruby-echonest.git
  revision: 8ecea08b46214592a05e3e610c8b8ebd0a7ef5fc
  branch: version4
  specs:
    ruby-echonest (0.1.0)
      hashie
      httpclient
      libxml-ruby

GEM
  remote: http://rubygems.org/
  specs:
    hashie (0.4.0)
    httpclient (2.1.5.2)
    json (1.4.6)
    libxml-ruby (1.1.4)
    mocha (0.9.8)
      rake
    rake (0.8.7)
    sequel (3.15.0)
    shoulda (2.11.3)
    sqlite3-ruby (1.3.1)
    test-unit (2.1.1)

PLATFORMS
  ruby

DEPENDENCIES
  hashie
  httpclient
  json
  mocha
  ruby-echonest!
  sequel
  shoulda
  sqlite3-ruby
  test-unit
