GIT
  remote: http://github.com/bassnode/ruby-echonest.git
  revision: 005f5261a615ab0b9f903f54a218da9ea758881a
  specs:
    ruby-echonest (0.1.0)
      hashie
      httpclient
      libxml-ruby

PATH
  remote: .
  specs:
    mr_eko (0.1.0)
      hashie
      httpclient (~> 2.1)
      json (= 1.4.6)
      sequel (= 3.15)
      sqlite3-ruby (~> 1.3)

GEM
  remote: http://rubygems.org/
  specs:
    columnize (0.3.2)
    hashie (0.4.0)
    httpclient (2.1.5.2)
    json (1.4.6)
    libxml-ruby (1.1.4)
    linecache (0.43)
    mocha (0.9.8)
      rake
    rake (0.8.7)
    ruby-debug (0.10.4)
      columnize (>= 0.1)
      ruby-debug-base (~> 0.10.4.0)
    ruby-debug-base (0.10.4)
      linecache (>= 0.3)
    sequel (3.15.0)
    shoulda (2.11.3)
    sqlite3-ruby (1.3.2)
    test-unit (2.1.1)

PLATFORMS
  ruby

DEPENDENCIES
  hashie
  httpclient (~> 2.1)
  json (= 1.4.6)
  mocha (= 0.9.8)
  mr_eko!
  ruby-debug (~> 0.10.3)
  ruby-echonest!
  sequel (= 3.15)
  shoulda (~> 2.11)
  sqlite3-ruby (~> 1.3)
  test-unit (~> 2.1)
